GEM
  remote: https://rubygems.org/
  specs:
    diff-lcs (1.2.5)
    mini_portile2 (2.1.0)
    multi_json (1.12.1)
    net-scp (1.2.1)
      net-ssh (>= 2.6.5)
    net-ssh (3.2.0)
    net-telnet (0.1.1)
    nokogiri (1.6.8.1)
      mini_portile2 (~> 2.1.0)
    nokogiri (1.6.8.1-x64-mingw32)
      mini_portile2 (~> 2.1.0)
    rake (11.2.2)
    rspec (3.5.0)
      rspec-core (~> 3.5.0)
      rspec-expectations (~> 3.5.0)
      rspec-mocks (~> 3.5.0)
    rspec-core (3.5.3)
      rspec-support (~> 3.5.0)
    rspec-expectations (3.5.0)
      diff-lcs (>= 1.2.0, < 2.0)
      rspec-support (~> 3.5.0)
    rspec-its (1.2.0)
      rspec-core (>= 3.0.0)
      rspec-expectations (>= 3.0.0)
    rspec-mocks (3.5.0)
      diff-lcs (>= 1.2.0, < 2.0)
      rspec-support (~> 3.5.0)
    rspec-support (3.5.0)
    rspec-teamcity (0.0.1)
      rspec (>= 2.99, >= 2.14.2, < 4)
    serverspec (2.36.1)
      multi_json
      rspec (~> 3.0)
      rspec-its
      specinfra (~> 2.53)
    sfl (2.2)
    specinfra (2.62.0)
      net-scp
      net-ssh (>= 2.7, < 4.0)
      net-telnet
      sfl

PLATFORMS
  ruby
  x64-mingw32

DEPENDENCIES
  nokogiri
  rake
  rspec-teamcity (~> 0.0.1)
  serverspec

BUNDLED WITH
   1.13.3
